GIT
  remote: git://github.com/chriseppstein/compass.git
  revision: 7ff38d178cdfd167227dd7ed6bdbc028e9626a0e
  specs:
    compass (0.13.alpha.0.7ff38d1)
      chunky_png (~> 1.2)
      listen (~> 0.5.3)
      sass (~> 3.2.0.alpha.93)

GIT
  remote: git://github.com/ghoppe/refinerycms-bootstrap.git
  revision: 259ff56c0022d3daac287c9d7b62b428f1c7a1fd
  specs:
    refinerycms-bootstrap (2.1.0.dev)
      bootstrap-sass (~> 2.1.1.0)
      refinerycms-core (~> 2.0)
      refinerycms-images (~> 2.0)
      sass-rails (~> 3.1)

GIT
  remote: git://github.com/mbleigh/ruby-openid.git
  revision: 4b6fdd152edbc9d1f617056879eb03bd82b78eb4
  specs:
    ruby-openid (2.1.8)

GIT
  remote: http://github.com/hone/resque.git
  revision: c528f41f384b904296ef42df59e162747269df0a
  branch: keepalive
  specs:
    resque (1.19.0)
      multi_json (~> 1.0)
      redis-namespace (~> 1.0.2)
      sinatra (>= 0.9.2)
      vegas (~> 0.1.2)

GEM
  remote: https://rubygems.org/
  specs:
    actionmailer (3.2.8)
      actionpack (= 3.2.8)
      mail (~> 2.4.4)
    actionpack (3.2.8)
      activemodel (= 3.2.8)
      activesupport (= 3.2.8)
      builder (~> 3.0.0)
      erubis (~> 2.7.0)
      journey (~> 1.0.4)
      rack (~> 1.4.0)
      rack-cache (~> 1.2)
      rack-test (~> 0.6.1)
      sprockets (~> 2.1.3)
    activemodel (3.2.8)
      activesupport (= 3.2.8)
      builder (~> 3.0.0)
    activerecord (3.2.8)
      activemodel (= 3.2.8)
      activesupport (= 3.2.8)
      arel (~> 3.0.2)
      tzinfo (~> 0.3.29)
    activeresource (3.2.8)
      activemodel (= 3.2.8)
      activesupport (= 3.2.8)
    activesupport (3.2.8)
      i18n (~> 0.6)
      multi_json (~> 1.0)
    acts_as_indexed (0.7.8)
    addressable (2.3.2)
    airbrake (3.1.6)
      builder
      girl_friday
    akami (1.2.0)
      gyoku (>= 0.4.0)
      nokogiri (>= 1.4.0)
    annotate (2.4.0)
    ansi (1.4.3)
    archive-tar-minitar (0.5.2)
    arel (3.0.2)
    awesome_nested_set (2.1.5)
      activerecord (>= 3.0.0)
    aws-s3 (0.6.3)
      builder
      mime-types
      xml-simple
    babosa (0.3.8)
    bcrypt-ruby (3.0.1)
    bootstrap-sass (2.1.1.0)
    builder (3.0.4)
    childprocess (0.3.6)
      ffi (~> 1.0, >= 1.0.6)
    chosen-rails (0.9.10)
      coffee-rails (~> 3.2)
      railties (~> 3.0)
      sass-rails (~> 3.2)
    chunky_png (1.2.6)
    coderay (1.0.8)
    coffee-rails (3.2.2)
      coffee-script (>= 2.2.0)
      railties (~> 3.2.0)
    coffee-script (2.2.0)
      coffee-script-source
      execjs
    coffee-script-source (1.4.0)
    columnize (0.3.6)
    connection_pool (0.9.2)
    cookiejar (0.3.0)
    crack (0.3.1)
    daemons (1.1.9)
    dalli (2.5.0)
    databasedotcom (1.3.1)
      json
      multipart-post (~> 1.1)
    databasedotcom-rails (1.1.0)
      databasedotcom
    devise (2.0.4)
      bcrypt-ruby (~> 3.0)
      orm_adapter (~> 0.0.3)
      railties (~> 3.1)
      warden (~> 1.1.1)
    diff-lcs (1.1.3)
    dragonfly (0.9.12)
      rack
    em-http-request (1.0.3)
      addressable (>= 2.2.3)
      cookiejar
      em-socksify
      eventmachine (>= 1.0.0.beta.4)
      http_parser.rb (>= 0.5.3)
    em-socksify (0.2.1)
      eventmachine (>= 1.0.0.beta.4)
    encryptor (1.1.3)
    erubis (2.7.0)
    eventmachine (1.0.0)
    excon (0.16.10)
    execjs (1.4.0)
      multi_json (~> 1.0)
    faraday (0.8.4)
      multipart-post (~> 1.1)
    faraday_middleware (0.8.8)
      faraday (>= 0.7.4, < 0.9)
    faye (0.8.6)
      cookiejar (>= 0.3.0)
      em-http-request (>= 0.3.0)
      eventmachine (>= 0.12.0)
      faye-websocket (>= 0.4.0)
      rack (>= 1.0.0)
      yajl-ruby (>= 1.0.0)
    faye-websocket (0.4.6)
      eventmachine (>= 0.12.0)
    ffi (1.1.5)
    flash_messages_helper (0.2.1)
    fog (1.8.0)
      builder
      excon (~> 0.14)
      formatador (~> 0.2.0)
      mime-types
      multi_json (~> 1.0)
      net-scp (~> 1.0.4)
      net-ssh (>= 2.1.3)
      nokogiri (~> 1.5.0)
      ruby-hmac
    formatador (0.2.4)
    friendly_id (4.0.9)
    girl_friday (0.11.1)
      connection_pool (~> 0.9.0)
      rubinius-actor
    globalize3 (0.2.0)
      activemodel (>= 3.0.0)
      activerecord (>= 3.0.0)
      paper_trail (~> 2)
    growl (1.0.3)
    guard (1.5.4)
      listen (>= 0.4.2)
      lumberjack (>= 1.0.2)
      pry (>= 0.9.10)
      thor (>= 0.14.6)
    guard-bundler (1.0.0)
      bundler (~> 1.0)
      guard (~> 1.1)
    guard-rspec (2.1.2)
      guard (>= 1.1)
      rspec (~> 2.11)
    guard-spork (1.2.3)
      childprocess (>= 0.2.3)
      guard (>= 1.1)
      spork (>= 0.8.4)
      sys-proctable
    gyoku (0.4.6)
      builder (>= 2.1.2)
    haml (3.1.7)
    hashie (1.2.0)
    hike (1.2.1)
    http_parser.rb (0.5.3)
    httparty (0.9.0)
      multi_json (~> 1.0)
      multi_xml
    httpauth (0.2.0)
    httpi (1.1.1)
      rack
    i18n (0.6.1)
    journey (1.0.4)
    jquery-rails (2.0.3)
      railties (>= 3.1.0, < 5.0)
      thor (~> 0.14)
    json (1.7.5)
    jwt (0.1.5)
      multi_json (>= 1.0)
    linecache19 (0.5.12)
      ruby_core_source (>= 0.1.4)
    listen (0.5.3)
    lumberjack (1.0.2)
    mail (2.4.4)
      i18n (>= 0.4.0)
      mime-types (~> 1.16)
      treetop (~> 1.4.8)
    metaclass (0.0.1)
    method_source (0.8.1)
    mime-types (1.19)
    minitest (4.2.0)
    mocha (0.13.1)
      metaclass (~> 0.0.1)
    multi_json (1.3.7)
    multi_xml (0.5.1)
    multipart-post (1.1.5)
    nest (1.1.2)
      redis
    net-scp (1.0.4)
      net-ssh (>= 1.99.1)
    net-ssh (2.6.2)
    nokogiri (1.5.5)
    nori (1.1.3)
    oauth (0.4.7)
    oauth2 (0.8.0)
      faraday (~> 0.8)
      httpauth (~> 0.1)
      jwt (~> 0.1.4)
      multi_json (~> 1.0)
      rack (~> 1.2)
    omniauth (1.1.1)
      hashie (~> 1.2)
      rack
    omniauth-facebook (1.4.1)
      omniauth-oauth2 (~> 1.1.0)
    omniauth-github (1.0.3)
      omniauth (~> 1.0)
      omniauth-oauth2 (~> 1.1)
    omniauth-linkedin (0.0.8)
      omniauth-oauth (~> 1.0)
    omniauth-oauth (1.0.1)
      oauth
      omniauth (~> 1.0)
    omniauth-oauth2 (1.1.1)
      oauth2 (~> 0.8.0)
      omniauth (~> 1.0)
    omniauth-openid (1.0.1)
      omniauth (~> 1.0)
      rack-openid (~> 1.3.1)
    omniauth-salesforce (1.0.3)
      omniauth (~> 1.0)
      omniauth-oauth2 (~> 1.0)
    omniauth-twitter (0.0.14)
      multi_json (~> 1.3)
      omniauth-oauth (~> 1.0)
    openid_active_record_store (1.0.1)
      rails (>= 3)
    orm_adapter (0.0.7)
    paper_trail (2.6.3)
      activerecord (~> 3.0)
      railties (~> 3.0)
    pg (0.14.1)
    polyglot (0.3.3)
    pry (0.9.10)
      coderay (~> 1.0.5)
      method_source (~> 0.8)
      slop (~> 3.3.1)
    quiet_assets (1.0.1)
      railties (~> 3.1)
    rack (1.4.1)
    rack-cache (1.2)
      rack (>= 0.4)
    rack-openid (1.3.1)
      rack (>= 1.1.0)
      ruby-openid (>= 2.1.8)
    rack-protection (1.2.0)
      rack
    rack-ssl (1.3.2)
      rack
    rack-test (0.6.2)
      rack (>= 1.0)
    rails (3.2.8)
      actionmailer (= 3.2.8)
      actionpack (= 3.2.8)
      activerecord (= 3.2.8)
      activeresource (= 3.2.8)
      activesupport (= 3.2.8)
      bundler (~> 1.0)
      railties (= 3.2.8)
    railties (3.2.8)
      actionpack (= 3.2.8)
      activesupport (= 3.2.8)
      rack-ssl (~> 1.3.2)
      rake (>= 0.8.7)
      rdoc (~> 3.4)
      thor (>= 0.14.6, < 2.0)
    rake (10.0.1)
    rb-fsevent (0.9.1)
    rdoc (3.12)
      json (~> 1.4)
    recaptcha (0.3.4)
    redis (2.2.2)
    redis-namespace (1.0.3)
      redis (< 3.0.0)
    refinerycms-core (2.0.8)
      acts_as_indexed (~> 0.7.7)
      awesome_nested_set (~> 2.1.3)
      coffee-rails (~> 3.2.1)
      friendly_id (~> 4.0.1)
      globalize3 (~> 0.2.0)
      jquery-rails (~> 2.0.0)
      rails (>= 3.1.3, < 3.3)
      sass-rails (~> 3.2.3)
      truncate_html (~> 0.5)
      uglifier (>= 1.0.3)
      will_paginate (~> 3.0.2)
    refinerycms-dashboard (2.0.8)
      refinerycms-core (= 2.0.8)
    refinerycms-images (2.0.8)
      dragonfly (~> 0.9.8)
      rack-cache (>= 0.5.3)
      refinerycms-core (= 2.0.8)
    refinerycms-pages (2.0.8)
      awesome_nested_set (~> 2.1.3)
      babosa (!= 0.3.6)
      refinerycms-core (= 2.0.8)
      seo_meta (~> 1.3.0)
    refinerycms-resources (2.0.8)
      dragonfly (~> 0.9.8)
      rack-cache (>= 0.5.3)
      refinerycms-core (= 2.0.8)
    remote_syslog_logger (1.0.3)
      syslog_protocol
    rest-client (1.6.7)
      mime-types (>= 1.16)
    restforce (0.1.8)
      faraday (~> 0.8.4)
      faraday_middleware (~> 0.8.8)
      hashie (~> 1.2.0)
      json (~> 1.7.5)
      rake
    rspec (2.11.0)
      rspec-core (~> 2.11.0)
      rspec-expectations (~> 2.11.0)
      rspec-mocks (~> 2.11.0)
    rspec-core (2.11.1)
    rspec-expectations (2.11.3)
      diff-lcs (~> 1.1.3)
    rspec-mocks (2.11.3)
    rspec-rails (2.11.4)
      actionpack (>= 3.0)
      activesupport (>= 3.0)
      railties (>= 3.0)
      rspec (~> 2.11.0)
    rubinius-actor (0.0.2)
      rubinius-core-api
    rubinius-core-api (0.0.1)
    ruby-debug-base19 (0.11.25)
      columnize (>= 0.3.1)
      linecache19 (>= 0.5.11)
      ruby_core_source (>= 0.1.4)
    ruby-debug19 (0.11.6)
      columnize (>= 0.3.1)
      linecache19 (>= 0.5.11)
      ruby-debug-base19 (>= 0.11.19)
    ruby-hmac (0.4.0)
    ruby_core_source (0.1.5)
      archive-tar-minitar (>= 0.5.2)
    sass (3.2.3)
    sass-rails (3.2.5)
      railties (~> 3.2.0)
      sass (>= 3.1.10)
      tilt (~> 1.3)
    savon (1.2.0)
      akami (~> 1.2.0)
      builder (>= 2.1.2)
      gyoku (~> 0.4.5)
      httpi (~> 1.1.0)
      nokogiri (>= 1.4.0)
      nori (~> 1.1.0)
      wasabi (~> 2.5.0)
    seo_meta (1.3.0)
      railties (>= 3.0.0)
    sextant (0.1.3)
      activesupport (>= 3.2)
      rails (>= 3.2)
    simple_form (2.0.4)
      actionpack (~> 3.0)
      activemodel (~> 3.0)
    sinatra (1.3.3)
      rack (~> 1.3, >= 1.3.6)
      rack-protection (~> 1.2)
      tilt (~> 1.3, >= 1.3.3)
    slop (3.3.3)
    spork (0.9.2)
    sprockets (2.1.3)
      hike (~> 1.2)
      rack (~> 1.0)
      tilt (~> 1.1, != 1.3.0)
    sql-logging (3.0.8)
      rails (> 3.0.0)
    sqlite3 (1.3.6)
    sys-proctable (0.9.2)
    syslog_protocol (0.9.2)
    text (1.2.1)
    thin (1.5.0)
      daemons (>= 1.0.9)
      eventmachine (>= 0.12.6)
      rack (>= 1.0.0)
    thor (0.16.0)
    tilt (1.3.3)
    treetop (1.4.12)
      polyglot
      polyglot (>= 0.3.1)
    truncate_html (0.5.5)
    turn (0.9.6)
      ansi
    tzinfo (0.3.35)
    uglifier (1.3.0)
      execjs (>= 0.3.0)
      multi_json (~> 1.0, >= 1.0.2)
    vcr (2.3.0)
    vegas (0.1.11)
      rack (>= 1.0.0)
    warden (1.1.1)
      rack (>= 1.0)
    wasabi (2.5.1)
      httpi (~> 1.0)
      nokogiri (>= 1.4.0)
    webmock (1.8.11)
      addressable (>= 2.2.7)
      crack (>= 0.1.7)
    will_paginate (3.0.3)
    xml-simple (1.1.2)
    yajl-ruby (1.1.0)

PLATFORMS
  ruby

DEPENDENCIES
  airbrake
  annotate (= 2.4.0)
  aws-s3
  bootstrap-sass (= 2.1.1.0)
  chosen-rails
  coffee-rails (~> 3.2.1)
  compass!
  dalli
  databasedotcom
  databasedotcom-rails
  devise (~> 2.0.0)
  encryptor
  faye
  flash_messages_helper
  fog
  growl
  guard
  guard-bundler
  guard-rspec
  guard-spork
  haml
  hashie (= 1.2.0)
  httparty
  jquery-rails (~> 2.0.0)
  minitest
  mocha
  nest
  omniauth-facebook
  omniauth-github
  omniauth-linkedin
  omniauth-openid
  omniauth-salesforce
  omniauth-twitter
  openid_active_record_store
  pg (= 0.14.1)
  quiet_assets
  rails (= 3.2.8)
  rake
  rb-fsevent (~> 0.9.1)
  recaptcha
  redis
  refinerycms-bootstrap!
  refinerycms-dashboard
  refinerycms-images
  refinerycms-pages
  refinerycms-resources
  remote_syslog_logger
  resque!
  rest-client (= 1.6.7)
  restforce
  rspec-rails
  ruby-debug19
  ruby-openid!
  sass-rails (~> 3.2.3)
  savon
  sextant
  simple_form (= 2.0.4)
  spork
  sql-logging
  sqlite3
  text
  thin
  turn
  uglifier (>= 1.0.3)
  vcr
  webmock
  will_paginate
