GIT
  remote: git://github.com/jeffdonthemic/carrierwave_direct.git
  revision: 82ed0794e89c348ae6b4df38dea44a399f8761f8
  specs:
    carrierwave_direct (0.0.12)
      carrierwave
      fog
      uuidtools

GIT
  remote: git://github.com/jeffdonthemic/forcifier.git
  revision: 31a1339d09ba8464d943453baf9f09567aec78df
  specs:
    forcifier (0.0.3)

GIT
  remote: git://github.com/thatdutchguy/plupload-rails.git
  revision: e14d463491c5436cf3ef95523fabbd317d49e92e
  specs:
    plupload-rails (1.0.7)
      rails (~> 3.1)

GIT
  remote: git://github.com/tsechingho/ckeditor-rails.git
  revision: 61f32119b39413085fd0a2f622ec5020ffe05836
  specs:
    ckeditor_rails (4.0)
      railties (~> 3.0)
      thor (~> 0.14)

GIT
  remote: http://github.com/hone/resque.git
  revision: c528f41f384b904296ef42df59e162747269df0a
  branch: keepalive
  specs:
    resque (1.19.0)
      multi_json (~> 1.0)
      redis-namespace (~> 1.0.2)
      sinatra (>= 0.9.2)
      vegas (~> 0.1.2)

GEM
  remote: https://rubygems.org/
  specs:
    actionmailer (3.2.11)
      actionpack (= 3.2.11)
      mail (~> 2.4.4)
    actionpack (3.2.11)
      activemodel (= 3.2.11)
      activesupport (= 3.2.11)
      builder (~> 3.0.0)
      erubis (~> 2.7.0)
      journey (~> 1.0.4)
      rack (~> 1.4.0)
      rack-cache (~> 1.2)
      rack-test (~> 0.6.1)
      sprockets (~> 2.2.1)
    activemodel (3.2.11)
      activesupport (= 3.2.11)
      builder (~> 3.0.0)
    activerecord (3.2.11)
      activemodel (= 3.2.11)
      activesupport (= 3.2.11)
      arel (~> 3.0.2)
      tzinfo (~> 0.3.29)
    activeresource (3.2.11)
      activemodel (= 3.2.11)
      activesupport (= 3.2.11)
    activesupport (3.2.11)
      i18n (~> 0.6)
      multi_json (~> 1.0)
    acts_as_indexed (0.7.8)
    addressable (2.3.2)
    annotate (2.4.0)
    ansi (1.4.3)
    arel (3.0.2)
    awesome_nested_set (2.1.5)
      activerecord (>= 3.0.0)
    awesome_print (1.1.0)
    aws_cf_signer (0.1.1)
    babosa (0.3.8)
    bcrypt-ruby (3.0.1)
    better_errors (0.9.0)
      coderay (>= 1.0.0)
      erubis (>= 2.6.6)
    binding_of_caller (0.6.8)
    bootstrap-sass (2.1.1.0)
    builder (3.0.4)
    carrierwave (0.5.8)
      activesupport (~> 3.0)
    childprocess (0.3.6)
      ffi (~> 1.0, >= 1.0.6)
    chosen-rails (0.9.10)
      coffee-rails (~> 3.2)
      railties (~> 3.0)
      sass-rails (~> 3.2)
    chronic (0.7.0)
    chunky_png (1.2.6)
    client_side_validations (3.2.1)
    client_side_validations-simple_form (2.0.1)
      client_side_validations (~> 3.2.0)
      simple_form (~> 2.0.3)
    cloudinary (1.0.44)
      aws_cf_signer
      rest-client
    coderay (1.0.9)
    coffee-rails (3.2.2)
      coffee-script (>= 2.2.0)
      railties (~> 3.2.0)
    coffee-script (2.2.0)
      coffee-script-source
      execjs
    coffee-script-source (1.4.0)
    columnize (0.3.6)
    compass (0.12.2)
      chunky_png (~> 1.2)
      fssm (>= 0.2.7)
      sass (~> 3.1)
    cookiejar (0.3.0)
    country-select (1.1.1)
    crack (0.3.1)
    curb (0.8.3)
    dalli (2.5.0)
    debugger (1.5.0)
      columnize (>= 0.3.1)
      debugger-linecache (~> 1.2.0)
      debugger-ruby_core_source (~> 1.2.0)
    debugger-linecache (1.2.0)
    debugger-ruby_core_source (1.2.0)
    devise (2.0.4)
      bcrypt-ruby (~> 3.0)
      orm_adapter (~> 0.0.3)
      railties (~> 3.1)
      warden (~> 1.1.1)
    diff-lcs (1.1.3)
    docusign_rest (0.0.9)
      json
      multipart-post (>= 1.1.5)
    dragonfly (0.9.12)
      rack
    em-http-request (1.0.3)
      addressable (>= 2.2.3)
      cookiejar
      em-socksify
      eventmachine (>= 1.0.0.beta.4)
      http_parser.rb (>= 0.5.3)
    em-socksify (0.2.1)
      eventmachine (>= 1.0.0.beta.4)
    encryptor (1.1.3)
    erubis (2.7.0)
    eventmachine (1.0.0)
    excon (0.16.10)
    execjs (1.4.0)
      multi_json (~> 1.0)
    faraday (0.8.7)
      multipart-post (~> 1.1)
    faraday_middleware (0.9.0)
      faraday (>= 0.7.4, < 0.9)
    faye (0.8.3)
      cookiejar (>= 0.3.0)
      em-http-request (>= 0.3.0)
      eventmachine (>= 0.12.0)
      faye-websocket (>= 0.4.0)
      rack (>= 1.0.0)
      yajl-ruby (>= 1.0.0)
    faye-websocket (0.4.6)
      eventmachine (>= 0.12.0)
    feedzirra (0.0.24)
      activesupport (>= 2.3.8)
      builder (>= 2.1.2)
      curb (>= 0.2.3)
      loofah (>= 0.3.1)
      nokogiri (> 0.0.0)
      sax-machine (>= 0.0.12)
    ffi (1.1.5)
    flash_messages_helper (0.2.1)
    fog (1.8.0)
      builder
      excon (~> 0.14)
      formatador (~> 0.2.0)
      mime-types
      multi_json (~> 1.0)
      net-scp (~> 1.0.4)
      net-ssh (>= 2.1.3)
      nokogiri (~> 1.5.0)
      ruby-hmac
    formatador (0.2.4)
    friendly_id (4.0.9)
    fssm (0.2.9)
    geoip (1.2.1)
    globalize3 (0.2.0)
      activemodel (>= 3.0.0)
      activerecord (>= 3.0.0)
      paper_trail (~> 2)
    gon (4.0.2)
      actionpack (>= 2.3.0)
      json
    growl (1.0.3)
    guard (1.5.4)
      listen (>= 0.4.2)
      lumberjack (>= 1.0.2)
      pry (>= 0.9.10)
      thor (>= 0.14.6)
    guard-bundler (1.0.0)
      bundler (~> 1.0)
      guard (~> 1.1)
    guard-rspec (2.1.2)
      guard (>= 1.1)
      rspec (~> 2.11)
    guard-spork (1.2.3)
      childprocess (>= 0.2.3)
      guard (>= 1.1)
      spork (>= 0.8.4)
      sys-proctable
    haml (3.1.7)
    hashie (1.2.0)
    hike (1.2.1)
    http_parser.rb (0.5.3)
    httparty (0.10.2)
      multi_json (~> 1.0)
      multi_xml (>= 0.5.2)
    httpauth (0.2.0)
    i18n (0.6.1)
    journey (1.0.4)
    jquery-rails (2.0.3)
      railties (>= 3.1.0, < 5.0)
      thor (~> 0.14)
    json (1.7.7)
    jwt (0.1.5)
      multi_json (>= 1.0)
    kgio (2.8.0)
    listen (0.5.3)
    loofah (1.2.1)
      nokogiri (>= 1.4.4)
    lumberjack (1.0.2)
    mail (2.4.4)
      i18n (>= 0.4.0)
      mime-types (~> 1.16)
      treetop (~> 1.4.8)
    memcachier (0.0.2)
    meta_request (0.2.1)
      rack-contrib
      rails
    metaclass (0.0.1)
    method_source (0.8.1)
    mime-types (1.19)
    mocha (0.13.1)
      metaclass (~> 0.0.1)
    multi_json (1.5.0)
    multi_xml (0.5.3)
    multipart-post (1.2.0)
    nest (1.1.2)
      redis
    net-scp (1.0.4)
      net-ssh (>= 1.99.1)
    net-ssh (2.6.2)
    newrelic_rpm (3.6.3.111)
    nokogiri (1.5.5)
    oauth (0.4.7)
    oauth2 (0.8.0)
      faraday (~> 0.8)
      httpauth (~> 0.1)
      jwt (~> 0.1.4)
      multi_json (~> 1.0)
      rack (~> 1.2)
    omniauth (1.1.1)
      hashie (~> 1.2)
      rack
    omniauth-facebook (1.4.1)
      omniauth-oauth2 (~> 1.1.0)
    omniauth-github (1.0.3)
      omniauth (~> 1.0)
      omniauth-oauth2 (~> 1.1)
    omniauth-google-oauth2 (0.1.15)
      omniauth (~> 1.0)
      omniauth-oauth2
    omniauth-linkedin (0.0.8)
      omniauth-oauth (~> 1.0)
    omniauth-oauth (1.0.1)
      oauth
      omniauth (~> 1.0)
    omniauth-oauth2 (1.1.1)
      oauth2 (~> 0.8.0)
      omniauth (~> 1.0)
    omniauth-openid (1.0.1)
      omniauth (~> 1.0)
      rack-openid (~> 1.3.1)
    omniauth-salesforce (1.0.3)
      omniauth (~> 1.0)
      omniauth-oauth2 (~> 1.0)
    omniauth-twitter (0.0.14)
      multi_json (~> 1.3)
      omniauth-oauth (~> 1.0)
    orm_adapter (0.0.7)
    paper_trail (2.6.3)
      activerecord (~> 3.0)
      railties (~> 3.0)
    pg (0.14.1)
    polyglot (0.3.3)
    pry (0.9.10)
      coderay (~> 1.0.5)
      method_source (~> 0.8)
      slop (~> 3.3.1)
    quiet_assets (1.0.1)
      railties (~> 3.1)
    rack (1.4.3)
    rack-cache (1.2)
      rack (>= 0.4)
    rack-contrib (1.1.0)
      rack (>= 0.9.1)
    rack-openid (1.3.1)
      rack (>= 1.1.0)
      ruby-openid (>= 2.1.8)
    rack-protection (1.2.0)
      rack
    rack-ssl (1.3.2)
      rack
    rack-test (0.6.2)
      rack (>= 1.0)
    rack-timeout (0.1.0beta2)
    rails (3.2.11)
      actionmailer (= 3.2.11)
      actionpack (= 3.2.11)
      activerecord (= 3.2.11)
      activeresource (= 3.2.11)
      activesupport (= 3.2.11)
      bundler (~> 1.0)
      railties (= 3.2.11)
    railties (3.2.11)
      actionpack (= 3.2.11)
      activesupport (= 3.2.11)
      rack-ssl (~> 1.3.2)
      rake (>= 0.8.7)
      rdoc (~> 3.4)
      thor (>= 0.14.6, < 2.0)
    raindrops (0.10.0)
    rake (10.0.4)
    ratchetio (0.6.1)
      multi_json (~> 1.5.0)
    rb-fsevent (0.9.1)
    rdoc (3.12)
      json (~> 1.4)
    recaptcha (0.3.4)
    redis (2.2.2)
    redis-namespace (1.0.3)
      redis (< 3.0.0)
    refinerycms-core (2.0.8)
      acts_as_indexed (~> 0.7.7)
      awesome_nested_set (~> 2.1.3)
      coffee-rails (~> 3.2.1)
      friendly_id (~> 4.0.1)
      globalize3 (~> 0.2.0)
      jquery-rails (~> 2.0.0)
      rails (>= 3.1.3, < 3.3)
      sass-rails (~> 3.2.3)
      truncate_html (~> 0.5)
      uglifier (>= 1.0.3)
      will_paginate (~> 3.0.2)
    refinerycms-dashboard (2.0.8)
      refinerycms-core (= 2.0.8)
    refinerycms-images (2.0.8)
      dragonfly (~> 0.9.8)
      rack-cache (>= 0.5.3)
      refinerycms-core (= 2.0.8)
    refinerycms-pages (2.0.8)
      awesome_nested_set (~> 2.1.3)
      babosa (!= 0.3.6)
      refinerycms-core (= 2.0.8)
      seo_meta (~> 1.3.0)
    refinerycms-resources (2.0.8)
      dragonfly (~> 0.9.8)
      rack-cache (>= 0.5.3)
      refinerycms-core (= 2.0.8)
    remote_syslog_logger (1.0.3)
      syslog_protocol
    rest-client (1.6.7)
      mime-types (>= 1.16)
    restforce (1.1.0)
      faraday (~> 0.8.4)
      faraday_middleware (>= 0.8.8)
      hashie (~> 1.2.0)
      json (~> 1.7.5)
    rspec (2.11.0)
      rspec-core (~> 2.11.0)
      rspec-expectations (~> 2.11.0)
      rspec-mocks (~> 2.11.0)
    rspec-core (2.11.1)
    rspec-expectations (2.11.3)
      diff-lcs (~> 1.1.3)
    rspec-mocks (2.11.3)
    rspec-rails (2.11.4)
      actionpack (>= 3.0)
      activesupport (>= 3.0)
      railties (>= 3.0)
      rspec (~> 2.11.0)
    ruby-hmac (0.4.0)
    ruby-openid (2.1.8)
    rubyzip (0.9.9)
    sass (3.2.3)
    sass-rails (3.2.5)
      railties (~> 3.2.0)
      sass (>= 3.1.10)
      tilt (~> 1.3)
    sax-machine (0.1.0)
      nokogiri (> 0.0.0)
    select2-rails (3.2.1)
      thor (~> 0.14)
    seo_meta (1.3.0)
      railties (>= 3.0.0)
    sextant (0.1.3)
      activesupport (>= 3.2)
      rails (>= 3.2)
    simple_form (2.0.4)
      actionpack (~> 3.0)
      activemodel (~> 3.0)
    sinatra (1.3.3)
      rack (~> 1.3, >= 1.3.6)
      rack-protection (~> 1.2)
      tilt (~> 1.3, >= 1.3.3)
    slop (3.3.3)
    spork (0.9.2)
    sprockets (2.2.2)
      hike (~> 1.2)
      multi_json (~> 1.0)
      rack (~> 1.0)
      tilt (~> 1.1, != 1.3.0)
    sql-logging (3.0.8)
      rails (> 3.0.0)
    sys-proctable (0.9.2)
    syslog_protocol (0.9.2)
    text (1.2.1)
    thor (0.16.0)
    tilt (1.3.3)
    time_diff (0.3.0)
      activesupport
      i18n
    treetop (1.4.12)
      polyglot
      polyglot (>= 0.3.1)
    truncate_html (0.5.5)
    turn (0.9.6)
      ansi
    tzinfo (0.3.35)
    uglifier (1.3.0)
      execjs (>= 0.3.0)
      multi_json (~> 1.0, >= 1.0.2)
    unicorn (4.6.0)
      kgio (~> 2.6)
      rack
      raindrops (~> 0.7)
    uuidtools (2.1.4)
    vcr (2.3.0)
    vegas (0.1.11)
      rack (>= 1.0.0)
    warden (1.1.1)
      rack (>= 1.0)
    webmock (1.8.11)
      addressable (>= 2.2.7)
      crack (>= 0.1.7)
    will_paginate (3.0.3)
    yajl-ruby (1.1.0)

PLATFORMS
  ruby

DEPENDENCIES
  annotate (= 2.4.0)
  awesome_print
  better_errors
  binding_of_caller
  bootstrap-sass (= 2.1.1.0)
  carrierwave
  carrierwave_direct!
  chosen-rails
  chronic
  ckeditor_rails!
  client_side_validations
  client_side_validations-simple_form
  cloudinary
  coffee-rails (~> 3.2.1)
  compass (~> 0.12.2)
  country-select
  dalli
  debugger
  devise (~> 2.0.0)
  docusign_rest
  encryptor
  faye (= 0.8.3)
  feedzirra
  flash_messages_helper
  fog
  forcifier!
  geoip
  gon
  growl
  guard
  guard-bundler
  guard-rspec
  guard-spork
  haml
  hashie (= 1.2.0)
  httparty
  jquery-rails (~> 2.0.0)
  memcachier
  meta_request (= 0.2.1)
  mocha
  nest
  newrelic_rpm
  omniauth-facebook
  omniauth-github
  omniauth-google-oauth2
  omniauth-linkedin
  omniauth-openid
  omniauth-salesforce
  omniauth-twitter
  pg (= 0.14.1)
  plupload-rails!
  quiet_assets
  rack-timeout (= 0.1.0beta2)
  rails (= 3.2.11)
  rake
  ratchetio (~> 0.6.0)
  rb-fsevent (~> 0.9.1)
  recaptcha
  redis
  refinerycms-dashboard
  refinerycms-images
  refinerycms-pages
  refinerycms-resources
  remote_syslog_logger
  resque!
  restforce
  rspec-rails
  rubyzip
  sass-rails (~> 3.2.3)
  select2-rails
  sextant
  simple_form (= 2.0.4)
  spork
  sql-logging
  text
  time_diff
  turn
  uglifier (>= 1.0.3)
  unicorn
  vcr
  webmock
  will_paginate
